PATH
  remote: .
  specs:
    password_validation (0.0.1)
      activemodel (>= 4)

GEM
  remote: https://rubygems.org/
  specs:
    activemodel (5.0.0.1)
      activesupport (= 5.0.0.1)
    activesupport (5.0.0.1)
      concurrent-ruby (~> 1.0, >= 1.0.2)
      i18n (~> 0.7)
      minitest (~> 5.1)
      tzinfo (~> 1.1)
    ansi (1.5.0)
    builder (3.2.2)
    concurrent-ruby (1.0.2)
    i18n (0.7.0)
    minitest (5.8.3)
    minitest-reporters (1.1.1)
      ansi
      builder
      minitest (>= 5.0)
      ruby-progressbar
    rake (10.4.2)
    ruby-progressbar (1.7.5)
    thread_safe (0.3.5)
    tzinfo (1.2.2)
      thread_safe (~> 0.1)

PLATFORMS
  ruby

DEPENDENCIES
  minitest (~> 5, >= 5.4.1)
  minitest-reporters (~> 1, >= 1.0.5)
  password_validation!
  rake (~> 10)

BUNDLED WITH
   1.10.6
